GEM
  remote: https://rubygems.org/
  specs:
    bubble-wrap (1.7.1)
      bubble-wrap-http (= 1.7.1)
    bubble-wrap-http (1.7.1)
    motion-settings-bundle (0.3.0)
      plist (~> 3.1.0)
    plist (3.1.0)
    rake (10.3.2)

PLATFORMS
  ruby

DEPENDENCIES
  bubble-wrap (~> 1.7.1)
  bubble-wrap-http
  motion-settings-bundle
  rake
